PATH
  remote: .
  specs:
    rack_mcp (0.1.0)
      rack (>= 2.2)

GEM
  remote: https://rubygems.org/
  specs:
    diff-lcs (1.6.2)
    rack (3.2.3)
    rack-test (2.2.0)
      rack (>= 1.3)
    rackup (2.2.1)
      rack (>= 3)
    rspec (3.13.2)
      rspec-core (~> 3.13.0)
      rspec-expectations (~> 3.13.0)
      rspec-mocks (~> 3.13.0)
    rspec-core (3.13.6)
      rspec-support (~> 3.13.0)
    rspec-expectations (3.13.5)
      diff-lcs (>= 1.2.0, < 2.0)
      rspec-support (~> 3.13.0)
    rspec-mocks (3.13.6)
      diff-lcs (>= 1.2.0, < 2.0)
      rspec-support (~> 3.13.0)
    rspec-support (3.13.6)
    webrick (1.9.1)

PLATFORMS
  arm64-darwin-23
  ruby

DEPENDENCIES
  rack-test
  rack_mcp!
  rackup
  rspec (~> 3.0)
  webrick

BUNDLED WITH
   2.5.9
